PATH
  remote: .
  specs:
    platform-api (0.8.0)
      heroics (~> 0.0.17)

GEM
  remote: https://rubygems.org/
  specs:
    erubis (2.7.0)
    excon (0.62.0)
    heroics (0.0.24)
      erubis (~> 2.0)
      excon
      moneta
      multi_json (>= 1.9.2)
    moneta (1.0.0)
    multi_json (1.13.1)
    rake (12.3.1)
    yard (0.9.14)

PLATFORMS
  ruby

DEPENDENCIES
  bundler (~> 1.3)
  platform-api!
  rake
  yard

BUNDLED WITH
   1.16.2
